GIT
  remote: git://github.com/jeremiak/jekyll-offline.git
  revision: 9d556698875b26196628807d29d5a0d9a7aee680
  specs:
    jekyll-offline (0.1.0)

GEM
  remote: https://rubygems.org/
  specs:
    kramdown (1.12.0)
    liquid (3.0.6)
    rouge (1.11.1)

PLATFORMS
  ruby

DEPENDENCIES
  jekyll-offline!
  kramdown
  liquid
  rouge

BUNDLED WITH
   1.13.6
